GEM
  remote: https://rubygems.org/
  specs:
    json (2.9.0)
    nio4r (2.7.4)
    puma (6.5.0)
      nio4r (~> 2.0)
    rack (3.1.8)
    rackup (2.2.1)
      rack (>= 3)

PLATFORMS
  aarch64-linux
  ruby

DEPENDENCIES
  json
  puma
  rack
  rackup

RUBY VERSION
   ruby 3.3.6p108

BUNDLED WITH
   2.5.22
